GIT
  remote: https://github.com/hone/ruby-git.git
  revision: 264836fcff3c037d8d8fc44bd770b150b46fdc4e
  branch: master
  specs:
    git (1.2.6)

GIT
  remote: https://github.com/shopify/ci-queue.git
  revision: 15d9d641584ea439a699797fcd0219af5e22a553
  branch: rspec-log-order
  specs:
    ci-queue (0.19.0)

GEM
  remote: https://rubygems.org/
  specs:
    citrus (3.0.2)
    diff-lcs (1.4.4)
    erubis (2.7.0)
    excon (0.81.0)
    heroics (0.1.2)
      erubis (~> 2.0)
      excon
      moneta
      multi_json (>= 1.9.2)
      webrick
    heroku_hatchet (7.3.4)
      excon (~> 0)
      platform-api (~> 3)
      rrrretry (~> 1)
      thor (~> 1)
      threaded (~> 0)
    json (2.0.4)
    moneta (1.0.0)
    multi_json (1.15.0)
    netrc (0.11.0)
    parallel (1.20.1)
    parallel_tests (3.7.0)
      parallel
    platform-api (3.3.0)
      heroics (~> 0.1.1)
      moneta (~> 1.0.0)
      rate_throttle_client (~> 0.1.0)
    rake (13.0.3)
    rate_throttle_client (0.1.2)
    redis (4.2.5)
    rrrretry (1.0.0)
    rspec-core (3.10.1)
      rspec-support (~> 3.10.0)
    rspec-expectations (3.10.1)
      diff-lcs (>= 1.2.0, < 2.0)
      rspec-support (~> 3.10.0)
    rspec-retry (0.6.2)
      rspec-core (> 3.3)
    rspec-support (3.10.2)
    thor (1.1.0)
    threaded (0.0.4)
    toml-rb (2.0.1)
      citrus (~> 3.0, > 3.0)
    webrick (1.7.0)

PLATFORMS
  ruby

DEPENDENCIES
  ci-queue!
  excon
  git!
  heroku_hatchet
  json (~> 2.0.2)
  netrc
  parallel_tests
  rake
  redis
  rspec-core
  rspec-expectations
  rspec-retry
  toml-rb

RUBY VERSION
   ruby 2.6.7p197

BUNDLED WITH
   2.1.4
